GEM
  remote: https://rubygems.org/
  specs:
    json (1.8.2)
    mini_portile (0.6.2)
    nokogiri (1.6.6.2)
      mini_portile (~> 0.6.0)
    wikipedia-client (1.3.3)
    wolfram (0.2.1)
      nokogiri (>= 1.4.3)

PLATFORMS
  ruby

DEPENDENCIES
  json
  wikipedia-client
  wolfram
